GEM
  remote: https://rubygems.org/
  specs:
    amazing_print (1.5.0)
    paint (2.3.0)
    terminal-table (3.0.2)
      unicode-display_width (>= 1.1.1, < 3)
    unicode-display_width (2.5.0)

PLATFORMS
  arm64-darwin-23
  x86_64-darwin-20
  x86_64-darwin-22

DEPENDENCIES
  amazing_print (~> 1.4)
  paint (~> 2.2, >= 2.2.1)
  terminal-table (~> 3.0, >= 3.0.2)

BUNDLED WITH
   2.3.4
